GIT
  remote: https://github.com/roblabla/cast.git
  revision: 69cf6bea21cb20b6e69af6011e71f517146029cd
  specs:
    cast (0.2.3)

GEM
  remote: https://rubygems.org/
  specs:
    actionpack (3.2.8)
      activemodel (= 3.2.8)
      activesupport (= 3.2.8)
      builder (~> 3.0.0)
      erubis (~> 2.7.0)
      journey (~> 1.0.4)
      rack (~> 1.4.0)
      rack-cache (~> 1.2)
      rack-test (~> 0.6.1)
      sprockets (~> 2.1.3)
    activemodel (3.2.8)
      activesupport (= 3.2.8)
      builder (~> 3.0.0)
    activesupport (3.2.8)
      i18n (~> 0.6)
      multi_json (~> 1.0)
    builder (3.0.4)
    colored (1.2)
    cri (2.1.0)
    erubis (2.7.0)
    faster_xml_simple (0.5.0)
      libxml-ruby (>= 0.3.8.4)
    hike (1.2.3)
    httpclient (2.4.0)
    i18n (0.6.11)
    journey (1.0.4)
    json (1.8.1)
    json (1.8.1-java)
    libxml-ruby (2.7.0)
    mini_portile (0.6.0)
    multi_json (1.10.1)
    net-github-upload (0.0.8)
      faster_xml_simple
      httpclient
      json
      nokogiri (>= 1.4.0)
    nokogiri (1.6.3.1)
      mini_portile (= 0.6.0)
    nokogiri (1.6.3.1-java)
    ocra (1.3.2)
    rack (1.4.5)
    rack-cache (1.2)
      rack (>= 0.4)
    rack-test (0.6.2)
      rack (>= 1.0)
    rake (0.9.2.2)
    redis (3.1.0)
    releasy (0.2.2)
      cri (~> 2.1.0)
      net-github-upload (~> 0.0.8)
      ocra (~> 1.3.0)
      rake (~> 0.9.2.2)
      thor (~> 0.14.6)
    sprockets (2.1.3)
      hike (~> 1.2)
      rack (~> 1.0)
      tilt (~> 1.1, != 1.3.0)
    sqlite3 (1.3.9)
    thor (0.14.6)
    tilt (1.4.1)

PLATFORMS
  java
  ruby

DEPENDENCIES
  actionpack (= 3.2.8)
  cast!
  colored
  json
  redis
  releasy
  sqlite3
